GEM
  remote: https://rubygems.org/
  specs:
    cloudservers (0.4.2)
      json
    diff-lcs (1.2.4)
    fuubar (1.2.1)
      rspec (~> 2.0)
      rspec-instafail (~> 0.2.0)
      ruby-progressbar (~> 1.0)
    ir_b (1.5.0)
    json (1.8.1)
    rake (10.1.0)
    rspec (2.14.1)
      rspec-core (~> 2.14.0)
      rspec-expectations (~> 2.14.0)
      rspec-mocks (~> 2.14.0)
    rspec-core (2.14.6)
    rspec-expectations (2.14.3)
      diff-lcs (>= 1.1.3, < 2.0)
    rspec-instafail (0.2.4)
    rspec-mocks (2.14.4)
    ruby-progressbar (1.2.0)
    rubysl-abbrev (2.0.4)
    rubysl-e2mmap (2.0.0)
    rubysl-irb (2.0.4)
      rubysl-e2mmap (~> 2.0)
      rubysl-mathn (~> 2.0)
      rubysl-readline (~> 2.0)
      rubysl-thread (~> 2.0)
    rubysl-mathn (2.0.0)
    rubysl-readline (2.0.2)
    rubysl-singleton (2.0.0)
    rubysl-thread (2.0.2)

PLATFORMS
  ruby

DEPENDENCIES
  cloudservers
  fuubar
  ir_b
  rake
  rspec
  rubysl-abbrev (~> 2.0)
  rubysl-irb (~> 2.0)
  rubysl-singleton (~> 2.0)
